GEM
  remote: https://rubygems.org/
  specs:
    activesupport (6.1.3.2)
      concurrent-ruby (~> 1.0, >= 1.0.2)
      i18n (>= 1.6, < 2)
      minitest (>= 5.1)
      tzinfo (~> 2.0)
      zeitwerk (~> 2.3)
    builder (3.2.4)
    concurrent-ruby (1.1.8)
    cucumber (6.0.0)
      builder (~> 3.2, >= 3.2.4)
      cucumber-core (~> 9.0, >= 9.0.0)
      cucumber-create-meta (~> 4.0, >= 4.0.0)
      cucumber-cucumber-expressions (~> 12.1, >= 12.1.1)
      cucumber-gherkin (~> 18.1, >= 18.1.0)
      cucumber-html-formatter (~> 13.0, >= 13.0.0)
      cucumber-messages (~> 15.0, >= 15.0.0)
      cucumber-wire (~> 5.0, >= 5.0.0)
      diff-lcs (~> 1.4, >= 1.4.4)
      mime-types (~> 3.3, >= 3.3.1)
      multi_test (~> 0.1, >= 0.1.2)
      sys-uname (~> 1.2, >= 1.2.2)
    cucumber-core (9.0.0)
      cucumber-gherkin (~> 18.1, >= 18.1.0)
      cucumber-messages (~> 15.0, >= 15.0.0)
      cucumber-tag-expressions (~> 3.0, >= 3.0.1)
    cucumber-create-meta (4.0.0)
      cucumber-messages (~> 15.0, >= 15.0.0)
      sys-uname (~> 1.2, >= 1.2.2)
    cucumber-cucumber-expressions (12.1.1)
    cucumber-gherkin (18.1.1)
      cucumber-messages (~> 15.0, >= 15.0.0)
    cucumber-html-formatter (13.0.0)
      cucumber-messages (~> 15.0, >= 15.0.0)
    cucumber-messages (15.0.0)
      protobuf-cucumber (~> 3.10, >= 3.10.8)
    cucumber-tag-expressions (3.0.1)
    cucumber-wire (5.0.0)
      cucumber-core (~> 9.0, >= 9.0.0)
      cucumber-cucumber-expressions (~> 12.1, >= 12.1.1)
      cucumber-messages (~> 15.0, >= 15.0.0)
    diff-lcs (1.4.4)
    domain_name (0.5.20190701)
      unf (>= 0.0.5, < 1.0.0)
    ffi (1.15.0)
    http-accept (1.7.0)
    http-cookie (1.0.3)
      domain_name (~> 0.5)
    i18n (1.8.10)
      concurrent-ruby (~> 1.0)
    json (2.5.1)
    middleware (0.1.0)
    mime-types (3.3.1)
      mime-types-data (~> 3.2015)
    mime-types-data (3.2021.0225)
    minitest (5.14.4)
    multi_test (0.1.2)
    mysql2 (0.5.3)
    netrc (0.11.0)
    power_assert (2.0.0)
    protobuf-cucumber (3.10.8)
      activesupport (>= 3.2)
      middleware
      thor
      thread_safe
    rest-client (2.1.0)
      http-accept (>= 1.7.0, < 2.0)
      http-cookie (>= 1.0.2, < 2.0)
      mime-types (>= 1.16, < 4.0)
      netrc (~> 0.8)
    sys-uname (1.2.2)
      ffi (~> 1.1)
    test-unit (3.4.1)
      power_assert
    thor (1.1.0)
    thread_safe (0.3.6)
    tzinfo (2.0.4)
      concurrent-ruby (~> 1.0)
    unf (0.1.4)
      unf_ext
    unf_ext (0.0.7.7)
    zeitwerk (2.4.2)

PLATFORMS
  ruby

DEPENDENCIES
  bundler
  cucumber
  json
  mysql2
  rest-client
  test-unit

BUNDLED WITH
   2.1.2
